NUGET
  remote: https://www.nuget.org/api/v2
  specs:
    ExtCore (0.8.45) - framework: >= net40
    FAKE (4.7.1)
    Fantomas (1.11.0) - framework: >= net45
      FSharp.Compiler.Service (>= 1.4.0.5)
    FSharp.Compiler.CodeDom (0.9.2) - framework: >= net40
    FSharp.Compiler.Service (2.0.0.5)
    FSharp.Core (4.0.0.1)
    Mono.Cecil (0.9.6.1) - framework: >= net40
