NUGET
  remote: https://nuget.org/api/v2
  specs:
    Argu (1.1.0)
    ExtCore (0.8.45) - framework: >= net40
    FAKE (4.7.1)
    Fantomas (1.11.0) - framework: >= net45
      FSharp.Compiler.Service (>= 1.4.0.5)
    FSharp.Compiler.CodeDom (0.9.2) - framework: >= net40
    FSharp.Compiler.Service (2.0.0.5)
    FsPickler (1.5.2)
    FsPickler.Json (1.5.2)
      FsPickler (1.5.2)
      Newtonsoft.Json (>= 6.0.5)
    Mono.Cecil (0.9.6.1) - framework: >= net40
    Newtonsoft.Json (7.0.1)
    NUnit (2.6.4) - framework: >= net45
